GEM
  remote: http://rubygems.org/
  specs:
    bacon (1.2.0)
    oj (2.10.2)
    rack (1.5.2)
    rack-protection (1.5.3)
      rack
    sequel (4.28.0)
    shotgun (0.9.1)
      rack (>= 1.0)
    sinatra (1.4.5)
      rack (~> 1.4)
      rack-protection (~> 1.4)
      tilt (~> 1.3, >= 1.3.4)
    sinatra-cross_origin (0.3.2)
    sinatra-sequel (0.9.0)
      bacon
      sequel (>= 3.2.0)
      sinatra (>= 0.9.4)
    sqlite3 (1.3.11)
    tilt (1.4.1)

PLATFORMS
  ruby

DEPENDENCIES
  oj
  sequel
  shotgun
  sinatra
  sinatra-cross_origin (~> 0.3.1)
  sinatra-sequel
  sqlite3

BUNDLED WITH
   1.10.6
